FRAMEWORK: NET452
NUGET
  remote: https://www.nuget.org/api/v2
    Costura.Fody (1.4.1)
      Fody (>= 2.0.6)
    Fody (2.0.7)
    gong-wpf-dragdrop (1.1)
    MahApps.Metro (1.6.0-alpha001)
    MahApps.Metro.IconPacks (1.9)
    MahApps.Metro.SimpleChildWindow (1.3)
      MahApps.Metro (>= 1.2.3)
    MaterialDesignColors (1.1.3)
    MaterialDesignThemes (2.3.0.823)
      MaterialDesignColors (>= 1.1.2)
    Newtonsoft.Json (10.0.2)
    NLog (4.4.9)
    QuickIO.NET (2.6.2)
    reactiveui (7.3)
      reactiveui-core (7.3)
    reactiveui-core (7.3)
      Rx-Main (>= 2.2.5)
      Rx-Xaml (>= 2.2.5)
      Splat (>= 1.4 < 2.0)
    reactiveui-events (7.3)
      Rx-Main (>= 2.2.5)
    Rx-Core (2.2.5)
      Rx-Interfaces (>= 2.2.5)
    Rx-Interfaces (2.2.5)
    Rx-Linq (2.2.5)
      Rx-Core (>= 2.2.5)
      Rx-Interfaces (>= 2.2.5)
    Rx-Main (2.2.5)
      Rx-Core (>= 2.2.5)
      Rx-Interfaces (>= 2.2.5)
      Rx-Linq (>= 2.2.5)
      Rx-PlatformServices (>= 2.2.5)
    Rx-PlatformServices (2.3)
      Rx-Core (>= 2.2)
      Rx-Interfaces (>= 2.2)
    Rx-Xaml (2.2.5)
      Rx-Main (>= 2.2.5)
    Splat (1.6.2)
    TinyIoC (1.3)
    WindowsAPICodePack-Core (1.1.2)
    WindowsAPICodePack-Shell (1.1.1)
      WindowsAPICodePack-Core (>= 1.1.1)
    xunit (2.2)
      xunit.assert (2.2)
      xunit.core (2.2)
    xunit.abstractions (2.0.1)
    xunit.assert (2.2)
    xunit.core (2.2)
      xunit.extensibility.core (2.2)
      xunit.extensibility.execution (2.2)
    xunit.extensibility.core (2.2)
      xunit.abstractions (>= 2.0.1)
    xunit.extensibility.execution (2.2)
      xunit.extensibility.core (2.2)
